GEM
  remote: https://rubygems.org/
  specs:
    activesupport (4.1.8)
      i18n (~> 0.6, >= 0.6.9)
      json (~> 1.7, >= 1.7.7)
      minitest (~> 5.1)
      thread_safe (~> 0.1)
      tzinfo (~> 1.1)
    addressable (2.3.6)
    binding_of_caller (0.7.2)
      debug_inspector (>= 0.0.1)
    bson (4.1.1)
    celluloid (0.17.1.2)
      bundler
      celluloid-essentials
      celluloid-extras
      celluloid-fsm
      celluloid-pool
      celluloid-supervision
      dotenv
      nenv
      rspec-logsplit (>= 0.1.2)
      timers (>= 4.1.1)
    celluloid-essentials (0.20.2.1)
      bundler
      dotenv
      nenv
      rspec-logsplit (>= 0.1.2)
      timers (>= 4.1.1)
    celluloid-extras (0.20.1)
      bundler
      dotenv
      nenv
      rspec-logsplit (>= 0.1.2)
      timers (>= 4.1.1)
    celluloid-fsm (0.20.1)
      bundler
      dotenv
      nenv
      rspec-logsplit (>= 0.1.2)
      timers (>= 4.1.1)
    celluloid-pool (0.20.1)
      bundler
      dotenv
      nenv
      rspec-logsplit (>= 0.1.2)
      timers (>= 4.1.1)
    celluloid-supervision (0.20.1.1)
      bundler
      dotenv
      nenv
      rspec-logsplit (>= 0.1.2)
      timers (>= 4.1.1)
    coderay (1.0.9)
    connection_pool (2.2.0)
    crack (0.4.2)
      safe_yaml (~> 1.0.0)
    curb (0.8.5)
    debug_inspector (0.0.2)
    diff-lcs (1.2.5)
    dotenv (2.0.2)
    faraday (0.9.1)
      multipart-post (>= 1.2, < 3)
    fattr (2.2.1)
    highline (1.6.19)
    hitimes (1.2.3)
    i18n (0.6.11)
    interception (0.5)
    json (1.8.3)
    method_source (0.8.1)
    minitest (5.4.3)
    mongo (2.2.7)
      bson (~> 4.0)
    multipart-post (2.0.0)
    nenv (0.2.0)
    options (2.3.0)
      fattr
    progress_bar (1.0.0)
      highline (~> 1.6.1)
      options (~> 2.3.0)
    pry (0.9.12.1)
      coderay (~> 1.0.5)
      method_source (~> 0.8)
      slop (~> 3.4)
    pry-rescue (1.4.0)
      interception (>= 0.4)
      pry
    pry-stack_explorer (0.4.9.1)
      binding_of_caller (>= 0.7)
      pry (>= 0.9.11)
    rails_config (0.3.3)
      activesupport (>= 3.0)
    rake (10.1.0)
    redis (3.2.1)
    redis-namespace (1.5.2)
      redis (~> 3.0, >= 3.0.4)
    rspec (2.14.1)
      rspec-core (~> 2.14.0)
      rspec-expectations (~> 2.14.0)
      rspec-mocks (~> 2.14.0)
    rspec-core (2.14.7)
    rspec-expectations (2.14.3)
      diff-lcs (>= 1.1.3, < 2.0)
    rspec-logsplit (0.1.3)
    rspec-mocks (2.14.4)
    ruby-oci8 (2.2.2)
    rufus-scheduler (3.1.5)
    safe_yaml (1.0.3)
    sentry-raven (0.12.3)
      faraday (>= 0.7.6)
    sidekiq (3.5.0)
      celluloid (~> 0.17.0)
      connection_pool (~> 2.2, >= 2.2.0)
      json (~> 1.0)
      redis (~> 3.2, >= 3.2.1)
      redis-namespace (~> 1.5, >= 1.5.2)
    sidekiq-cron (0.3.1)
      rufus-scheduler (>= 2.0.24)
      sidekiq (>= 2.17.3)
    slop (3.4.4)
    thread_safe (0.3.4)
    timers (4.1.1)
      hitimes
    tzinfo (1.2.2)
      thread_safe (~> 0.1)
    webmock (1.18.0)
      addressable (>= 2.3.6)
      crack (>= 0.3.2)

PLATFORMS
  ruby

DEPENDENCIES
  curb
  mongo (~> 2.2, >= 2.2.7)
  progress_bar
  pry
  pry-rescue
  pry-stack_explorer
  rails_config
  rake
  rspec
  ruby-oci8 (~> 2.2.2)
  sentry-raven
  sidekiq
  sidekiq-cron
  webmock

BUNDLED WITH
   1.12.5
